PATH
  remote: .
  specs:
    joker (1.1.0)
      bacon (~> 1)
      rake (>= 10, < 13)
      rake-compiler (~> 0)

GEM
  remote: http://rubygems.org/
  specs:
    bacon (1.2.0)
    rake (12.3.2)
    rake-compiler (0.9.9)
      rake

PLATFORMS
  ruby

DEPENDENCIES
  joker!
