GEM
  remote: http://rubygems.org/
  specs:
    git (1.2.5)
    jeweler (1.6.4)
      bundler (~> 1.0)
      git (>= 1.2.5)
      rake
    rake (0.9.2)
    rake-compiler (0.7.9)
      rake
    rake-tester (0.0.1)

PLATFORMS
  ruby

DEPENDENCIES
  jeweler
  rake-compiler
  rake-tester
